GIT
  remote: https://github.com/richpeck/sinatra-asset-pipeline.git
  revision: da80bb6c3129243f16d093d08416f066ed0495a2
  specs:
    sinatra-asset-pipeline (2.2.1)
      coffee-script (~> 2.4)
      rake
      sass (~> 3.5)
      sprockets (~> 3.7)
      sprockets-helpers (~> 1.2)

GEM
  remote: https://rubygems.org/
  remote: https://rails-assets.org/
  specs:
    activemodel (6.1.3.1)
      activesupport (= 6.1.3.1)
    activerecord (6.1.3.1)
      activemodel (= 6.1.3.1)
      activesupport (= 6.1.3.1)
    activesupport (6.1.3.1)
      concurrent-ruby (~> 1.0, >= 1.0.2)
      i18n (>= 1.6, < 2)
      minitest (>= 5.1)
      tzinfo (~> 2.0)
      zeitwerk (~> 2.3)
    addressable (2.7.0)
      public_suffix (>= 2.0.2, < 5.0)
    bcrypt (3.1.16)
    byebug (11.1.3)
    coffee-script (2.4.1)
      coffee-script-source
      execjs
    coffee-script-source (1.12.2)
    concurrent-ruby (1.1.8)
    dotenv (2.7.6)
    execjs (2.7.0)
    faraday (1.4.1)
      faraday-excon (~> 1.1)
      faraday-net_http (~> 1.0)
      faraday-net_http_persistent (~> 1.1)
      multipart-post (>= 1.2, < 3)
      ruby2_keywords (>= 0.0.4)
    faraday-excon (1.1.0)
    faraday-net_http (1.0.1)
    faraday-net_http_persistent (1.1.0)
    ffi (1.15.0-x64-mingw32)
    foreman (0.87.2)
    hashie (4.1.0)
    htmlcompressor (0.4.0)
    httparty (0.18.1)
      mime-types (~> 3.0)
      multi_xml (>= 0.5.2)
    humanize (2.5.1)
    i18n (1.8.10)
      concurrent-ruby (~> 1.0)
    jwt (2.2.3)
    liquid (5.0.1)
    mail (2.7.1)
      mini_mime (>= 0.1.1)
    mime-types (3.3.1)
      mime-types-data (~> 3.2015)
    mime-types-data (3.2021.0225)
    mini_mime (1.1.0)
    minitest (5.14.4)
    multi_json (1.15.0)
    multi_xml (0.6.0)
    multipart-post (2.1.1)
    mustermann (1.1.1)
      ruby2_keywords (~> 0.0.1)
    nio4r (2.5.7)
    nokogiri (1.11.3-x64-mingw32)
      racc (~> 1.4)
    oauth2 (1.4.7)
      faraday (>= 0.8, < 2.0)
      jwt (>= 1.0, < 3.0)
      multi_json (~> 1.3)
      multi_xml (~> 0.5)
      rack (>= 1.2, < 3)
    omniauth (1.9.1)
      hashie (>= 3.4.6)
      rack (>= 1.6.2, < 3)
    omniauth-oauth2 (1.7.1)
      oauth2 (~> 1.4)
      omniauth (>= 1.9, < 3)
    padrino-helpers (0.15.1)
      i18n (>= 0.6.7, < 2)
      padrino-support (= 0.15.1)
      tilt (>= 1.4.1, < 3)
    padrino-support (0.15.1)
    pg (1.2.3)
    pony (1.13.1)
      mail (>= 2.0)
    public_suffix (4.0.6)
    puma (5.2.2)
      nio4r (~> 2.0)
    racc (1.5.2)
    rack (2.2.3)
    rack-attack (6.5.0)
      rack (>= 1.0, < 3)
    rack-flash3 (1.0.5)
      rack
    rack-protection (2.1.0)
      rack
    rails-assets-bootstrap (4.3.1)
    rails-assets-jquery (3.4.1)
    rails-assets-jquery-ujs (1.2.2)
      rails-assets-jquery (> 1.8)
    rails-assets-parsleyjs (2.9.0)
      rails-assets-jquery (> 1.8)
    rake (13.0.3)
    rb-fsevent (0.10.4)
    rb-inotify (0.10.1)
      ffi (~> 1.0)
    roo (2.8.3)
      nokogiri (~> 1)
      rubyzip (>= 1.3.0, < 3.0.0)
    ruby2_keywords (0.0.4)
    rubyzip (2.3.0)
    sass (3.7.4)
      sass-listen (~> 4.0.0)
    sass-listen (4.0.0)
      rb-fsevent (~> 0.9, >= 0.9.4)
      rb-inotify (~> 0.9, >= 0.9.7)
    sinatra (2.1.0)
      mustermann (~> 1.0)
      rack (~> 2.2)
      rack-protection (= 2.1.0)
      tilt (~> 2.0)
    sinatra-activerecord (2.0.22)
      activerecord (>= 4.1)
      sinatra (>= 1.0)
    sinatra-contrib (2.1.0)
      multi_json
      mustermann (~> 1.0)
      rack-protection (= 2.1.0)
      sinatra (= 2.1.0)
      tilt (~> 2.0)
    sinatra-cors (1.2.0)
    sinatra-redirect-with-flash (0.2.1)
      sinatra (>= 1.0.0)
    sinatra-support (1.2.2)
      sinatra (>= 1.0)
    sprockets (3.7.2)
      concurrent-ruby (~> 1.0)
      rack (> 1, < 3)
    sprockets-helpers (1.4.0)
      sprockets (>= 2.2)
    sqlite3 (1.4.2)
    terser (1.1.3)
      execjs (>= 0.3.0, < 3)
    tilt (2.0.10)
    titleize (1.4.1)
    tzinfo (2.0.4)
      concurrent-ruby (~> 1.0)
    warden (1.2.9)
      rack (>= 2.0.9)
    zeitwerk (2.4.2)

PLATFORMS
  x64-mingw32

DEPENDENCIES
  activerecord (~> 6.1, >= 6.1.3.1)
  activesupport (~> 6.1, >= 6.1.3.1)
  addressable (~> 2.7)
  bcrypt (~> 3.1, >= 3.1.16)
  byebug
  dotenv
  foreman
  htmlcompressor (~> 0.4.0)
  httparty (~> 0.18.1)
  humanize (~> 2.5, >= 2.5.1)
  i18n
  liquid (~> 5.0, >= 5.0.1)
  omniauth (~> 1.9, >= 1.9.1)
  omniauth-oauth2 (~> 1.7)
  padrino-helpers (~> 0.15.1)
  pg
  pony (~> 1.13, >= 1.13.1)
  puma
  rack-attack (~> 6.3, >= 6.3.1)
  rack-flash3
  rails-assets-bootstrap!
  rails-assets-jquery!
  rails-assets-jquery-ujs!
  rails-assets-parsleyjs!
  rake (~> 13.0, >= 13.0.3)
  roo (~> 2.8, >= 2.8.3)
  sass (~> 3.7, >= 3.7.4)
  sinatra (~> 2.1)
  sinatra-activerecord (~> 2.0, >= 2.0.22)
  sinatra-asset-pipeline (~> 2.2, >= 2.2.1)!
  sinatra-contrib (~> 2.1)
  sinatra-cors (~> 1.2)
  sinatra-redirect-with-flash (~> 0.2.1)
  sinatra-support (~> 1.2, >= 1.2.2)
  sqlite3
  terser (~> 1.1, >= 1.1.1)
  titleize (~> 1.4, >= 1.4.1)
  warden (~> 1.2, >= 1.2.9)
  zeitwerk (~> 2.4, >= 2.4.2)

RUBY VERSION
   ruby 3.0.0p0

BUNDLED WITH
   2.2.11
